GEM
  remote: https://rubygems.org/
  specs:
    rainbow (3.0.0)
    slop (4.6.2)

PLATFORMS
  ruby

DEPENDENCIES
  rainbow
  slop

BUNDLED WITH
   1.17.2
